GEM
  remote: https://rubygems.org/
  specs:
    bubble-wrap (1.6.0)
      bubble-wrap-http (= 1.6.0)
    bubble-wrap-http (1.6.0)
    colored (1.2)
    motion-live (0.1)
      colored (~> 1.2)
      rb-fsevent (~> 0.9.1)
    rake (10.3.2)
    rb-fsevent (0.9.4)

PLATFORMS
  ruby

DEPENDENCIES
  bubble-wrap
  motion-live
  rake
